GEM
  remote: http://rubygems.org/
  specs:
    execjs (2.0.2)
    jsmin (1.0.1)
    json (1.8.1)
    rake (10.1.0)
    rake-minify (0.4.0)
      jsmin (~> 1.0.1)
      rake (>= 0.8.7)
    sass (3.2.12)
    uglifier (2.3.1)
      execjs (>= 0.3.0)
      json (>= 1.8.0)

PLATFORMS
  ruby

DEPENDENCIES
  rake-minify
  sass
  uglifier
